GEM
  remote: https://rubygems.org/
  specs:
    colored (1.2)
    json (1.8.1)

PLATFORMS
  ruby

DEPENDENCIES
  colored
  json
